GEM
  remote: https://rubygems.org/
  specs:
    activesupport (3.2.19)
      i18n (~> 0.6, >= 0.6.4)
      multi_json (~> 1.0)
    colored (1.2)
    i18n (0.6.11)
    ib (0.6.0)
      thor (~> 0.15.4)
      tilt (~> 1.4.1)
      xcodeproj (~> 0.17)
    multi_json (1.10.1)
    rake (10.3.2)
    thor (0.15.4)
    tilt (1.4.1)
    xcodeproj (0.19.3)
      activesupport (~> 3.0)
      colored (~> 1.2)

PLATFORMS
  ruby

DEPENDENCIES
  ib
  rake
